GIT
  remote: https://github.com/Instrument/contentful-importer.rb.git
  revision: c20005fb8e2cdf0f3e778ca6984bb6975d80d9ab
  specs:
    contentful-importer (0.1.1)
      activesupport (~> 4.1)
      api_cache (~> 0.3.0)
      contentful-management (~> 0.7.0)
      escort (~> 0.4.0)
      http (~> 0.8)
      i18n (~> 0.6)
      json-schema (~> 2.5.0)
      multi_json (~> 1)

PATH
  remote: .
  specs:
    contentful-exporter (0.1)
      activesupport (~> 4.1)
      api_cache (~> 0.3.0)
      contentful-management (~> 0.7.0)
      escort (~> 0.4.0)
      http (~> 0.8)
      i18n (~> 0.6)
      json-schema (~> 2.5.0)
      multi_json (~> 1)

GEM
  remote: https://rubygems.org/
  specs:
    activesupport (4.2.3)
      i18n (~> 0.7)
      json (~> 1.7, >= 1.7.7)
      minitest (~> 5.1)
      thread_safe (~> 0.3, >= 0.3.4)
      tzinfo (~> 1.1)
    addressable (2.3.8)
    api_cache (0.3.0)
    contentful-management (0.7.1)
      http (~> 0.8)
      multi_json (~> 1)
    crack (0.4.2)
      safe_yaml (~> 1.0.0)
    diff-lcs (1.2.5)
    docile (1.1.5)
    domain_name (0.5.24)
      unf (>= 0.0.5, < 1.0.0)
    escort (0.4.0)
      nesty
    http (0.8.12)
      addressable (~> 2.3)
      http-cookie (~> 1.0)
      http-form_data (~> 1.0.1)
      http_parser.rb (~> 0.6.0)
    http-cookie (1.0.2)
      domain_name (~> 0.5)
    http-form_data (1.0.1)
    http_parser.rb (0.6.0)
    i18n (0.7.0)
    json (1.8.3)
    json-schema (2.5.1)
      addressable (~> 2.3.7)
    minitest (5.7.0)
    multi_json (1.11.2)
    nesty (1.0.2)
    rake (10.4.2)
    rspec (3.3.0)
      rspec-core (~> 3.3.0)
      rspec-expectations (~> 3.3.0)
      rspec-mocks (~> 3.3.0)
    rspec-core (3.3.1)
      rspec-support (~> 3.3.0)
    rspec-expectations (3.3.0)
      diff-lcs (>= 1.2.0, < 2.0)
      rspec-support (~> 3.3.0)
    rspec-its (1.1.0)
      rspec-core (>= 3.0.0)
      rspec-expectations (>= 3.0.0)
    rspec-mocks (3.3.1)
      diff-lcs (>= 1.2.0, < 2.0)
      rspec-support (~> 3.3.0)
    rspec-support (3.3.0)
    safe_yaml (1.0.4)
    simplecov (0.10.0)
      docile (~> 1.1.0)
      json (~> 1.8)
      simplecov-html (~> 0.10.0)
    simplecov-html (0.10.0)
    thread_safe (0.3.5)
    tzinfo (1.2.2)
      thread_safe (~> 0.1)
    unf (0.1.4)
      unf_ext
    unf_ext (0.0.7.1)
    vcr (2.9.3)
    webmock (1.21.0)
      addressable (>= 2.3.6)
      crack (>= 0.3.2)

PLATFORMS
  ruby

DEPENDENCIES
  bundler (~> 1.6)
  contentful-exporter!
  contentful-importer!
  rake
  rspec (~> 3)
  rspec-its (~> 1.1.0)
  simplecov
  vcr (~> 2.9.3)
  webmock (>= 1.20)
